GEM
  remote: https://rubygems.org/
  specs:
    json (1.8.3)
    thor (0.19.1)

PLATFORMS
  ruby

DEPENDENCIES
  json
  thor

BUNDLED WITH
   1.11.2
